PATH
  remote: .
  specs:
    fastgem (0.1.8)
      gli (= 2.13.4)
      rainbow (= 2.0)
      terminal-table (= 1.5.2)

GEM
  remote: https://rubygems.org/
  specs:
    aruba (0.11.2)
      childprocess (~> 0.5.6)
      contracts (~> 0.9)
      cucumber (>= 1.3.19)
      event-bus (~> 0.2)
      ffi (~> 1.9.10)
      rspec-expectations (>= 2.99)
      thor (~> 0.19)
    builder (3.2.2)
    childprocess (0.5.8)
      ffi (~> 1.0, >= 1.0.11)
    contracts (0.12.0)
    cucumber (2.1.0)
      builder (>= 2.1.2)
      cucumber-core (~> 1.3.0)
      diff-lcs (>= 1.1.3)
      gherkin3 (~> 3.1.0)
      multi_json (>= 1.7.5, < 2.0)
      multi_test (>= 0.1.2)
    cucumber-core (1.3.1)
      gherkin3 (~> 3.1.0)
    diff-lcs (1.2.5)
    event-bus (0.2.1)
    ffi (1.9.10)
    gherkin3 (3.1.2)
    gli (2.13.4)
    json (1.8.3)
    multi_json (1.11.2)
    multi_test (0.1.2)
    rainbow (2.0.0)
    rake (10.4.2)
    rdoc (4.2.1)
      json (~> 1.4)
    rspec-expectations (3.4.0)
      diff-lcs (>= 1.2.0, < 2.0)
      rspec-support (~> 3.4.0)
    rspec-support (3.4.1)
    terminal-table (1.5.2)
    thor (0.19.1)

PLATFORMS
  ruby

DEPENDENCIES
  aruba
  fastgem!
  rake
  rdoc
